GEM
  remote: https://rubygems.org/
  specs:
    tomlrb (2.0.3)

PLATFORMS
  arm64-darwin-23
  ruby

DEPENDENCIES
  tomlrb

BUNDLED WITH
   2.5.6
